GEM
  remote: https://rubygems.org/
  specs:
    rack (2.2.3)
    rack-rewrite (1.5.1)

PLATFORMS
  ruby

DEPENDENCIES
  rack
  rack-rewrite

BUNDLED WITH
   2.1.4
